GIT
  remote: https://github.com/gjtorikian/commonmarker
  revision: 2964b48012c2ca9c602e33ebde73309c5f10e876
  specs:
    commonmarker (1.0.0.pre11)
      rb_sys (~> 0.9)

PATH
  remote: kozeki-aws
  specs:
    kozeki-aws (0.1.0)
      aws-sdk-s3
      kozeki

PATH
  remote: kozeki
  specs:
    kozeki (0.1.0)
      commonmarker (>= 1.0.0.pre11)
      listen
      sqlite3
      thor (~> 1.2)

GEM
  remote: https://rubygems.org/
  specs:
    aws-eventstream (1.2.0)
    aws-partitions (1.850.0)
    aws-sdk-core (3.186.0)
      aws-eventstream (~> 1, >= 1.0.2)
      aws-partitions (~> 1, >= 1.651.0)
      aws-sigv4 (~> 1.5)
      jmespath (~> 1, >= 1.6.1)
    aws-sdk-kms (1.72.0)
      aws-sdk-core (~> 3, >= 3.184.0)
      aws-sigv4 (~> 1.1)
    aws-sdk-s3 (1.136.0)
      aws-sdk-core (~> 3, >= 3.181.0)
      aws-sdk-kms (~> 1)
      aws-sigv4 (~> 1.6)
    aws-sigv4 (1.6.1)
      aws-eventstream (~> 1, >= 1.0.2)
    diff-lcs (1.5.0)
    ffi (1.16.3)
    jmespath (1.6.2)
    listen (3.8.0)
      rb-fsevent (~> 0.10, >= 0.10.3)
      rb-inotify (~> 0.9, >= 0.9.10)
    mini_portile2 (2.8.5)
    rake (13.1.0)
    rb-fsevent (0.11.2)
    rb-inotify (0.10.1)
      ffi (~> 1.0)
    rb_sys (0.9.82)
    rspec (3.12.0)
      rspec-core (~> 3.12.0)
      rspec-expectations (~> 3.12.0)
      rspec-mocks (~> 3.12.0)
    rspec-core (3.12.2)
      rspec-support (~> 3.12.0)
    rspec-expectations (3.12.3)
      diff-lcs (>= 1.2.0, < 2.0)
      rspec-support (~> 3.12.0)
    rspec-mocks (3.12.6)
      diff-lcs (>= 1.2.0, < 2.0)
      rspec-support (~> 3.12.0)
    rspec-support (3.12.1)
    sqlite3 (1.6.8)
      mini_portile2 (~> 2.8.0)
    thor (1.3.0)

PLATFORMS
  ruby

DEPENDENCIES
  commonmarker!
  kozeki!
  kozeki-aws!
  rake (~> 13.0)
  rspec (~> 3.0)

BUNDLED WITH
   2.4.18
