GIT
  remote: https://github.com/gjtorikian/commonmarker
  revision: 2964b48012c2ca9c602e33ebde73309c5f10e876
  specs:
    commonmarker (1.0.0.pre11)
      rb_sys (~> 0.9)

PATH
  remote: kozeki
  specs:
    kozeki (0.1.0)
      commonmarker (>= 1.0.0.pre11)
      sqlite3
      thor (~> 1.2)

GEM
  remote: https://rubygems.org/
  specs:
    diff-lcs (1.5.0)
    mini_portile2 (2.8.5)
    rake (13.1.0)
    rb_sys (0.9.82)
    rspec (3.12.0)
      rspec-core (~> 3.12.0)
      rspec-expectations (~> 3.12.0)
      rspec-mocks (~> 3.12.0)
    rspec-core (3.12.2)
      rspec-support (~> 3.12.0)
    rspec-expectations (3.12.3)
      diff-lcs (>= 1.2.0, < 2.0)
      rspec-support (~> 3.12.0)
    rspec-mocks (3.12.6)
      diff-lcs (>= 1.2.0, < 2.0)
      rspec-support (~> 3.12.0)
    rspec-support (3.12.1)
    sqlite3 (1.6.8)
      mini_portile2 (~> 2.8.0)
    thor (1.3.0)

PLATFORMS
  ruby

DEPENDENCIES
  commonmarker!
  kozeki!
  rake (~> 13.0)
  rspec (~> 3.0)

BUNDLED WITH
   2.4.18
